GEM
  remote: https://rubygems.org/
  specs:
    chunky_png (1.4.0)
    rotp (6.2.0)
    rqrcode (2.1.0)
      chunky_png (~> 1.0)
      rqrcode_core (~> 1.0)
    rqrcode_core (1.2.0)
    rqrcode_png (0.1.5)
      chunky_png
      rqrcode

PLATFORMS
  ruby

DEPENDENCIES
  rotp (= 6.2.0)
  rqrcode (= 2.1.0)
  rqrcode_png (= 0.1.5)

RUBY VERSION
   ruby 2.6.3p62

BUNDLED WITH
   1.17.2
